GEM
  remote: https://rubygems.org/
  specs:
    pdf-core (0.7.0)
    prawn (2.2.2)
      pdf-core (~> 0.7.0)
      ttfunk (~> 1.5)
    ttfunk (1.5.1)

PLATFORMS
  x64-mingw32

DEPENDENCIES
  prawn

BUNDLED WITH
   2.0.2
